GEM
  remote: https://rubygems.org/
  specs:
    addressable (2.5.0)
      public_suffix (~> 2.0, >= 2.0.2)
    colorator (1.1.0)
    ffi (1.9.17)
<<<<<<< HEAD
=======
    ffi (1.9.17-x64-mingw32)
>>>>>>> e556a34d6fd899d1fc4697a63dd59803876e3f70
    forwardable-extended (2.6.0)
    jekyll (3.4.0)
      addressable (~> 2.4)
      colorator (~> 1.0)
      jekyll-sass-converter (~> 1.0)
      jekyll-watch (~> 1.1)
      kramdown (~> 1.3)
      liquid (~> 3.0)
      mercenary (~> 0.3.3)
      pathutil (~> 0.9)
      rouge (~> 1.7)
      safe_yaml (~> 1.0)
    jekyll-paginate (1.1.0)
    jekyll-sass-converter (1.5.0)
      sass (~> 3.4)
    jekyll-watch (1.5.0)
      listen (~> 3.0, < 3.1)
    kramdown (1.13.2)
    liquid (3.0.6)
    listen (3.0.8)
      rb-fsevent (~> 0.9, >= 0.9.4)
      rb-inotify (~> 0.9, >= 0.9.7)
    mercenary (0.3.6)
    pathutil (0.14.0)
      forwardable-extended (~> 2.6)
    public_suffix (2.0.5)
    rb-fsevent (0.9.8)
    rb-inotify (0.9.8)
      ffi (>= 0.5.0)
    rouge (1.11.1)
    safe_yaml (1.0.4)
    sass (3.4.23)

PLATFORMS
  ruby
<<<<<<< HEAD
=======
  x64-mingw32
>>>>>>> e556a34d6fd899d1fc4697a63dd59803876e3f70

DEPENDENCIES
  jekyll
  jekyll-paginate

BUNDLED WITH
<<<<<<< HEAD
   1.14.3
=======
   1.15.3
>>>>>>> e556a34d6fd899d1fc4697a63dd59803876e3f70
